GIT
  remote: git://github.com/strangeloop/refinerycms.git
  revision: 3d45524e224f3a33777f68a931736c15cb2a7d1c
  ref: 3d45524e224f3a33777f68a931736c15cb2a7d1c
  branch: path_not_url_ssl_fix
  specs:
    refinerycms (0.9.9.15)
      bundler (~> 1.0)
      refinerycms-authentication (= 0.9.9.15)
      refinerycms-base (= 0.9.9.15)
      refinerycms-core (= 0.9.9.15)
      refinerycms-dashboard (= 0.9.9.15)
      refinerycms-images (= 0.9.9.15)
      refinerycms-pages (= 0.9.9.15)
      refinerycms-resources (= 0.9.9.15)
      refinerycms-settings (= 0.9.9.15)
    refinerycms-authentication (0.9.9.15)
      devise (~> 1.2.0)
      refinerycms-core (= 0.9.9.15)
    refinerycms-base (0.9.9.15)
    refinerycms-core (0.9.9.15)
      acts_as_indexed (~> 0.7)
      friendly_id_globalize3 (~> 3.2.1)
      globalize3 (>= 0.1.0.beta)
      moretea-awesome_nested_set (~> 1.4)
      rails (~> 3.0.5)
      rdoc (>= 2.5.11)
      refinerycms-base (= 0.9.9.15)
      refinerycms-generators (~> 1.0)
      refinerycms-settings (= 0.9.9.15)
      truncate_html (~> 0.5)
      will_paginate (~> 3.0.pre)
    refinerycms-dashboard (0.9.9.15)
      refinerycms-core (= 0.9.9.15)
    refinerycms-images (0.9.9.15)
      dragonfly (~> 0.8.2)
      rack-cache (>= 0.5.3)
      refinerycms-core (= 0.9.9.15)
    refinerycms-pages (0.9.9.15)
      refinerycms-core (= 0.9.9.15)
      seo_meta (~> 1.0.2)
    refinerycms-resources (0.9.9.15)
      dragonfly (~> 0.8.2)
      rack-cache (>= 0.5.3)
      refinerycms-core (= 0.9.9.15)
    refinerycms-settings (0.9.9.15)
      refinerycms-base (= 0.9.9.15)

GIT
  remote: git://github.com/strangeloop/regonline-ruby
  revision: 406be459c9175967916e9896a700c4f1b79744dd
  specs:
    regonline-ruby (0.0.1)
      nokogiri
      savon (= 0.9.1)

PATH
  remote: vendor/engines
  specs:
    refinerycms-conference_sessions (1.0)
    refinerycms-proposals (1.0)

GEM
  remote: http://rubygems.org/
  specs:
    POpen4 (0.1.4)
      Platform (>= 0.4.0)
      open4
    Platform (0.4.0)
    RedCloth (4.2.7)
    ZenTest (4.5.0)
    abstract (1.0.0)
    actionmailer (3.0.5)
      actionpack (= 3.0.5)
      mail (~> 2.2.15)
    actionpack (3.0.5)
      activemodel (= 3.0.5)
      activesupport (= 3.0.5)
      builder (~> 2.1.2)
      erubis (~> 2.6.6)
      i18n (~> 0.4)
      rack (~> 1.2.1)
      rack-mount (~> 0.6.13)
      rack-test (~> 0.5.7)
      tzinfo (~> 0.3.23)
    activemodel (3.0.5)
      activesupport (= 3.0.5)
      builder (~> 2.1.2)
      i18n (~> 0.4)
    activerecord (3.0.5)
      activemodel (= 3.0.5)
      activesupport (= 3.0.5)
      arel (~> 2.0.2)
      tzinfo (~> 0.3.23)
    activeresource (3.0.5)
      activemodel (= 3.0.5)
      activesupport (= 3.0.5)
    activesupport (3.0.5)
    acts-as-taggable-on (2.0.6)
    acts_as_commentable (3.0.1)
    acts_as_indexed (0.7.2)
    ajaxful_rating (3.0.0.beta3)
    arel (2.0.9)
    autotest (4.4.6)
      ZenTest (>= 4.4.1)
    autotest-notification (2.3.1)
      autotest (~> 4.3)
    autotest-rails (4.1.0)
      ZenTest
    awesome_print (0.3.2)
    babosa (0.3.3)
    bcrypt-ruby (2.1.4)
    builder (2.1.2)
    capybara (0.4.1.2)
      celerity (>= 0.7.9)
      culerity (>= 0.2.4)
      mime-types (>= 1.16)
      nokogiri (>= 1.3.3)
      rack (>= 1.0.0)
      rack-test (>= 0.5.4)
      selenium-webdriver (>= 0.0.27)
      xpath (~> 0.1.3)
    carmen (0.2.4)
    celerity (0.8.9)
    childprocess (0.1.8)
      ffi (~> 1.0.6)
    closure-compiler (1.1.1)
    columnize (0.3.2)
    configuration (1.2.0)
    crack (0.1.8)
    cucumber (0.10.2)
      builder (>= 2.1.2)
      diff-lcs (>= 1.1.2)
      gherkin (>= 2.3.5)
      json (>= 1.4.6)
      term-ansicolor (>= 1.0.5)
    cucumber-rails (0.4.1)
      cucumber (>= 0.10.1)
      nokogiri (>= 1.4.4)
      rack-test (>= 0.5.7)
    culerity (0.2.15)
    database_cleaner (0.6.7)
    decent_exposure (1.0.1)
    devise (1.2.1)
      bcrypt-ruby (~> 2.1.2)
      orm_adapter (~> 0.0.3)
      warden (~> 1.0.3)
    diff-lcs (1.1.2)
    dragonfly (0.8.2)
      rack
    erubis (2.6.6)
      abstract (>= 1.0.0)
    factory_girl (1.3.3)
    factory_girl_rails (1.0.1)
      factory_girl (~> 1.3)
      railties (>= 3.0.0)
    fastercsv (1.5.4)
    ffi (1.0.7)
      rake (>= 0.8.7)
    formtastic (1.1.0)
      actionpack (>= 2.3.0)
      activesupport (>= 2.3.0)
      i18n (>= 0.4.0)
    friendly_id_globalize3 (3.2.1.3)
      babosa (~> 0.3.0)
    gherkin (2.3.7)
      json (>= 1.4.6)
    globalize3 (0.1.0.beta)
      activemodel (>= 3.0.0)
      activerecord (>= 3.0.0)
    gyoku (0.4.3)
      builder (>= 2.1.2)
    httpi (0.9.3)
      ntlm-http (>= 0.1.1)
      rack
    i18n (0.5.0)
    jammit (0.6.0)
      closure-compiler (>= 0.1.0)
      yui-compressor (>= 0.9.1)
    json (1.5.1)
    json_pure (1.5.1)
    kgio (2.3.3)
    launchy (0.3.7)
      configuration (>= 0.0.5)
      rake (>= 0.8.1)
    linecache (0.43)
    mail (2.2.19)
      activesupport (>= 2.3.6)
      i18n (>= 0.4.0)
      mime-types (~> 1.16)
      treetop (~> 1.4.8)
    mime-types (1.16)
    moretea-awesome_nested_set (1.4.3.1)
      activerecord (~> 3.0.0)
    mysql2 (0.2.7)
    nokogiri (1.4.4)
    ntlm-http (0.1.1)
    open4 (1.0.1)
    orm_adapter (0.0.5)
    polyglot (0.3.1)
    rack (1.2.2)
    rack-cache (1.0.1)
      rack (>= 0.4)
    rack-mount (0.6.14)
      rack (>= 1.0.0)
    rack-ssl (1.3.2)
      rack
    rack-test (0.5.7)
      rack (>= 1.0)
    rails (3.0.5)
      actionmailer (= 3.0.5)
      actionpack (= 3.0.5)
      activerecord (= 3.0.5)
      activeresource (= 3.0.5)
      activesupport (= 3.0.5)
      bundler (~> 1.0)
      railties (= 3.0.5)
    rails3-generators (0.17.4)
      railties (>= 3.0.0)
    railties (3.0.5)
      actionpack (= 3.0.5)
      activesupport (= 3.0.5)
      rake (>= 0.8.7)
      thor (~> 0.14.4)
    rake (0.8.7)
    rdoc (3.6)
    refinerycms-generators (1.0.1)
    refinerycms-news (1.0.1)
      refinerycms (~> 0.9.8)
    rspec (2.5.0)
      rspec-core (~> 2.5.0)
      rspec-expectations (~> 2.5.0)
      rspec-mocks (~> 2.5.0)
    rspec-core (2.5.1)
    rspec-expectations (2.5.0)
      diff-lcs (~> 1.1.2)
    rspec-mocks (2.5.0)
    rspec-rails (2.5.0)
      actionpack (~> 3.0)
      activesupport (~> 3.0)
      railties (~> 3.0)
      rspec (~> 2.5.0)
    ruby-debug (0.10.4)
      columnize (>= 0.1)
      ruby-debug-base (~> 0.10.4.0)
    ruby-debug-base (0.10.4)
      linecache (>= 0.3)
    ruby-prof (0.10.6)
    rubyzip (0.9.4)
    savon (0.9.1)
      builder (>= 2.1.2)
      crack (~> 0.1.8)
      gyoku (>= 0.4.0)
      httpi (>= 0.7.8)
    selenium-webdriver (0.2.0)
      childprocess (>= 0.1.7)
      ffi (>= 1.0.7)
      json_pure
      rubyzip
    seo_meta (1.0.7)
      refinerycms-generators (~> 1.0.1)
    shoulda (2.11.3)
    spork (0.9.0.rc5)
    sqlite3 (1.3.3)
    sqlite3-ruby (1.3.3)
      sqlite3 (>= 1.3.3)
    term-ansicolor (1.0.5)
    thor (0.14.6)
    treetop (1.4.9)
      polyglot (>= 0.3.1)
    truncate_html (0.5.1)
    tzinfo (0.3.27)
    unicorn (3.6.0)
      kgio (~> 2.3)
      rack
    uuidtools (2.1.2)
    warden (1.0.4)
      rack (>= 1.0)
    will_paginate (3.0.pre2)
    xpath (0.1.4)
      nokogiri (~> 1.3)
    yui-compressor (0.9.6)
      POpen4 (>= 0.1.4)

PLATFORMS
  ruby

DEPENDENCIES
  RedCloth (~> 4.2)
  acts-as-taggable-on
  acts_as_commentable (= 3.0.1)
  ajaxful_rating (~> 3.0.0.beta3)
  autotest
  autotest-notification
  autotest-rails
  awesome_print (~> 0.3.2)
  capybara (~> 0.4.1)
  carmen (= 0.2.4)
  cucumber-rails (~> 0.4.0.beta.1)
  database_cleaner (~> 0.6.0)
  decent_exposure (~> 1.0)
  dragonfly (= 0.8.2)
  factory_girl_rails (~> 1.0.1)
  fastercsv (= 1.5.4)
  formtastic (~> 1.1.0)
  friendly_id_globalize3 (~> 3.2.1)
  gherkin
  jammit (~> 0.6)
  json_pure (~> 1.5.1)
  launchy (~> 0.3.7)
  mysql2 (= 0.2.7)
  rack-cache
  rack-ssl
  rack-test (~> 0.5.6)
  rails (= 3.0.5)
  rails3-generators (~> 0.17.2)
  refinerycms!
  refinerycms-conference_sessions (= 1.0)!
  refinerycms-news (= 1.0.1)
  refinerycms-proposals (= 1.0)!
  regonline-ruby!
  rspec-rails (~> 2.5.0)
  ruby-debug (~> 0.10.4)
  ruby-prof
  shoulda (~> 2.11.3)
  spork (>= 0.9.0.rc4)
  sqlite3-ruby (~> 1.3.2)
  unicorn (= 3.6.0)
  uuidtools (~> 2.1.2)
