GIT
  remote: git://github.com/strangeloop/refinerycms.git
  revision: aeaaef2078903cb9ec9f8b80f45aeb335f7acc13
  ref: aeaaef2078903cb9ec9f8b80f45aeb335f7acc13
  branch: path_not_url_ssl_fix
  specs:
    refinerycms (0.9.9.15)
      bundler (~> 1.0)
      refinerycms-authentication (= 0.9.9.15)
      refinerycms-base (= 0.9.9.15)
      refinerycms-core (= 0.9.9.15)
      refinerycms-dashboard (= 0.9.9.15)
      refinerycms-images (= 0.9.9.15)
      refinerycms-pages (= 0.9.9.15)
      refinerycms-resources (= 0.9.9.15)
      refinerycms-settings (= 0.9.9.15)
    refinerycms-authentication (0.9.9.15)
      devise (~> 1.2.0)
      refinerycms-core (= 0.9.9.15)
    refinerycms-base (0.9.9.15)
    refinerycms-core (0.9.9.15)
      acts_as_indexed (~> 0.7)
      friendly_id_globalize3 (~> 3.2.1)
      globalize3 (>= 0.1.0.beta)
      moretea-awesome_nested_set (~> 1.4)
      rails (~> 3.0.5)
      rdoc (>= 2.5.11)
      refinerycms-base (= 0.9.9.15)
      refinerycms-generators (~> 1.0)
      refinerycms-settings (= 0.9.9.15)
      truncate_html (~> 0.5)
      will_paginate (~> 3.0.pre)
    refinerycms-dashboard (0.9.9.15)
      refinerycms-core (= 0.9.9.15)
    refinerycms-images (0.9.9.15)
      dragonfly (~> 0.8.2)
      rack-cache (>= 0.5.3)
      refinerycms-core (= 0.9.9.15)
    refinerycms-pages (0.9.9.15)
      refinerycms-core (= 0.9.9.15)
      seo_meta (~> 1.0.2)
    refinerycms-resources (0.9.9.15)
      dragonfly (~> 0.8.2)
      rack-cache (>= 0.5.3)
      refinerycms-core (= 0.9.9.15)
    refinerycms-settings (0.9.9.15)
      refinerycms-base (= 0.9.9.15)

PATH
  remote: vendor/engines
  specs:
    refinerycms-conference_sessions (1.0)
    refinerycms-proposals (1.0)
    refinerycms-sponsorships (1.0)

GEM
  remote: http://rubygems.org/
  specs:
    POpen4 (0.1.4)
      Platform (>= 0.4.0)
      open4
    Platform (0.4.0)
    RedCloth (4.2.9)
    ZenTest (4.6.0)
    abstract (1.0.0)
    actionmailer (3.0.5)
      actionpack (= 3.0.5)
      mail (~> 2.2.15)
    actionpack (3.0.5)
      activemodel (= 3.0.5)
      activesupport (= 3.0.5)
      builder (~> 2.1.2)
      erubis (~> 2.6.6)
      i18n (~> 0.4)
      rack (~> 1.2.1)
      rack-mount (~> 0.6.13)
      rack-test (~> 0.5.7)
      tzinfo (~> 0.3.23)
    activemodel (3.0.5)
      activesupport (= 3.0.5)
      builder (~> 2.1.2)
      i18n (~> 0.4)
    activerecord (3.0.5)
      activemodel (= 3.0.5)
      activesupport (= 3.0.5)
      arel (~> 2.0.2)
      tzinfo (~> 0.3.23)
    activeresource (3.0.5)
      activemodel (= 3.0.5)
      activesupport (= 3.0.5)
    activesupport (3.0.5)
    acts-as-taggable-on (2.2.2)
      rails (~> 3.0)
    acts_as_commentable (3.0.1)
    acts_as_indexed (0.7.8)
    addressable (2.2.8)
    ajaxful_rating (3.0.0.beta7)
    archive-tar-minitar (0.5.2)
    arel (2.0.10)
    autotest (4.4.6)
      ZenTest (>= 4.4.1)
    autotest-notification (2.3.3)
      autotest-standalone (~> 4.5)
    autotest-rails (4.1.0)
      ZenTest
    autotest-standalone (4.5.9)
    awesome_print (0.4.0)
    babosa (0.3.7)
    bcrypt-ruby (2.1.4)
    builder (2.1.2)
    capybara (1.1.2)
      mime-types (>= 1.16)
      nokogiri (>= 1.3.3)
      rack (>= 1.0.0)
      rack-test (>= 0.5.4)
      selenium-webdriver (~> 2.0)
      xpath (~> 0.1.4)
    carmen (0.2.4)
    childprocess (0.3.6)
      ffi (~> 1.0, >= 1.0.6)
    client_side_validations (3.0.12)
    columnize (0.3.6)
    configuration (1.3.1)
    crack (0.1.8)
    cucumber (1.2.1)
      builder (>= 2.1.2)
      diff-lcs (>= 1.1.3)
      gherkin (~> 2.11.0)
      json (>= 1.4.6)
    cucumber-rails (1.0.6)
      capybara (>= 1.1.1)
      cucumber (>= 1.0.6)
      nokogiri (>= 1.5.0)
    daemons (1.0.10)
    database_cleaner (0.6.7)
    decent_exposure (1.0.2)
    devise (1.2.1)
      bcrypt-ruby (~> 2.1.2)
      orm_adapter (~> 0.0.3)
      warden (~> 1.0.3)
    diff-lcs (1.1.3)
    dragonfly (0.8.2)
      rack
    erubis (2.6.6)
      abstract (>= 1.0.0)
    factory_girl (1.3.3)
    factory_girl_rails (1.0.1)
      factory_girl (~> 1.3)
      railties (>= 3.0.0)
    faraday (0.6.1)
      addressable (~> 2.2.4)
      multipart-post (~> 1.1.0)
      rack (>= 1.1.0, < 2)
    faraday_middleware (0.6.3)
      faraday (~> 0.6.0)
    fastercsv (1.5.4)
    ffi (1.3.1)
    formtastic (1.2.4)
      actionpack (>= 2.3.7)
      activesupport (>= 2.3.7)
      i18n (~> 0.4)
    friendly_id_globalize3 (3.2.1.6)
      babosa (~> 0.3.0)
    gem_plugin (0.2.3)
    gherkin (2.11.0)
      json (>= 1.4.6)
    globalize3 (0.2.0)
      activemodel (>= 3.0.0)
      activerecord (>= 3.0.0)
      paper_trail (~> 2)
    gravtastic (3.2.6)
    gyoku (0.4.5)
      builder (>= 2.1.2)
    httpi (1.0.0)
      rack
    i18n (0.6.0)
    jammit (0.6.5)
      yui-compressor (>= 0.9.3)
    jasmine (1.2.0)
      jasmine-core (>= 1.2.0)
      rack (~> 1.0)
      rspec (>= 1.3.1)
      selenium-webdriver (>= 0.1.3)
    jasmine-core (1.2.0)
    json (1.7.3)
    json_pure (1.5.4)
      spruz (~> 0.2.8)
    kgio (2.7.4)
    launchy (0.3.7)
      configuration (>= 0.0.5)
      rake (>= 0.8.1)
    libwebsocket (0.1.7.1)
      addressable
      websocket
    linecache19 (0.5.12)
      ruby_core_source (>= 0.1.4)
    mail (2.2.19)
      activesupport (>= 2.3.6)
      i18n (>= 0.4.0)
      mime-types (~> 1.16)
      treetop (~> 1.4.8)
    mime-types (1.18)
    mmcopyrights (1.1.0)
    mongrel (1.2.0.pre2)
      daemons (~> 1.0.10)
      gem_plugin (~> 0.2.3)
    moretea-awesome_nested_set (1.4.3.1)
      activerecord (~> 3.0.0)
    multi_json (1.5.0)
    multipart-post (1.1.5)
    mysql2 (0.2.7)
    nokogiri (1.5.0)
    open4 (1.3.0)
    orm_adapter (0.0.7)
    paper_trail (2.6.3)
      activerecord (~> 3.0)
      railties (~> 3.0)
    polyglot (0.3.3)
    rack (1.2.5)
    rack-cache (1.2)
      rack (>= 0.4)
    rack-mount (0.6.14)
      rack (>= 1.0.0)
    rack-ssl (1.3.2)
      rack
    rack-test (0.5.7)
      rack (>= 1.0)
    rails (3.0.5)
      actionmailer (= 3.0.5)
      actionpack (= 3.0.5)
      activerecord (= 3.0.5)
      activeresource (= 3.0.5)
      activesupport (= 3.0.5)
      bundler (~> 1.0)
      railties (= 3.0.5)
    rails3-generators (0.17.4)
      railties (>= 3.0.0)
    railties (3.0.5)
      actionpack (= 3.0.5)
      activesupport (= 3.0.5)
      rake (>= 0.8.7)
      thor (~> 0.14.4)
    rake (0.9.2.2)
    rdoc (3.12)
      json (~> 1.4)
    refinerycms-generators (1.0.4)
    refinerycms-news (1.0.1)
      refinerycms (~> 0.9.8)
    ri_cal (0.8.8)
    rspec (2.5.0)
      rspec-core (~> 2.5.0)
      rspec-expectations (~> 2.5.0)
      rspec-mocks (~> 2.5.0)
    rspec-core (2.5.2)
    rspec-expectations (2.5.0)
      diff-lcs (~> 1.1.2)
    rspec-mocks (2.5.0)
    rspec-rails (2.5.0)
      actionpack (~> 3.0)
      activesupport (~> 3.0)
      railties (~> 3.0)
      rspec (~> 2.5.0)
    ruby-debug-base19 (0.11.25)
      columnize (>= 0.3.1)
      linecache19 (>= 0.5.11)
      ruby_core_source (>= 0.1.4)
    ruby-debug19 (0.11.6)
      columnize (>= 0.3.1)
      linecache19 (>= 0.5.11)
      ruby-debug-base19 (>= 0.11.19)
    ruby-prof (0.11.2)
    ruby_core_source (0.1.5)
      archive-tar-minitar (>= 0.5.2)
    rubyzip (0.9.9)
    savon (0.9.1)
      builder (>= 2.1.2)
      crack (~> 0.1.8)
      gyoku (>= 0.4.0)
      httpi (>= 0.7.8)
    selenium-webdriver (2.27.2)
      childprocess (>= 0.2.5)
      libwebsocket (~> 0.1.3)
      multi_json (~> 1.0)
      rubyzip
    seo_meta (1.0.7)
      refinerycms-generators (~> 1.0.1)
    shoulda (2.11.3)
    spork (1.0.0rc3)
    spruz (0.2.13)
    sqlite3 (1.3.6)
    sqlite3-ruby (1.3.3)
      sqlite3 (>= 1.3.3)
    thor (0.14.6)
    treetop (1.4.10)
      polyglot
      polyglot (>= 0.3.1)
    truncate_html (0.5.5)
    tzinfo (0.3.33)
    unicorn (3.6.0)
      kgio (~> 2.3)
      rack
    uuidtools (2.1.2)
    warden (1.0.6)
      rack (>= 1.0)
    websocket (1.0.6)
    will_paginate (3.0.3)
    xpath (0.1.4)
      nokogiri (~> 1.3)
    yui-compressor (0.9.6)
      POpen4 (>= 0.1.4)

PLATFORMS
  ruby

DEPENDENCIES
  RedCloth (~> 4.2)
  ZenTest (= 4.6.0)
  acts-as-taggable-on (~> 2.2.2)
  acts_as_commentable (= 3.0.1)
  ajaxful_rating (= 3.0.0.beta7)
  autotest (= 4.4.6)
  autotest-notification (= 2.3.3)
  autotest-rails (= 4.1.0)
  awesome_print (~> 0.4.0)
  capybara (~> 1.1.2)
  carmen (= 0.2.4)
  client_side_validations (~> 3.0.4)
  cucumber-rails (~> 1.0.2)
  database_cleaner (~> 0.6.0)
  decent_exposure (~> 1.0)
  dragonfly (= 0.8.2)
  factory_girl_rails (~> 1.0.1)
  faraday_middleware (= 0.6.3)
  fastercsv (= 1.5.4)
  formtastic (~> 1.2.3)
  friendly_id_globalize3 (~> 3.2.1)
  gherkin
  gravtastic
  jammit (~> 0.6)
  jasmine
  json_pure (~> 1.5.1)
  launchy (~> 0.3.7)
  mmcopyrights
  mongrel (~> 1.2.0.pre2)
  mysql2 (= 0.2.7)
  nokogiri (= 1.5.0)
  rack-cache
  rack-ssl
  rack-test (~> 0.5.6)
  rails (= 3.0.5)
  rails3-generators (~> 0.17.2)
  refinerycms!
  refinerycms-conference_sessions (= 1.0)!
  refinerycms-news (= 1.0.1)
  refinerycms-proposals (= 1.0)!
  refinerycms-sponsorships (= 1.0)!
  ri_cal (~> 0.8.8)
  rspec-rails (~> 2.5.0)
  ruby-debug19 (~> 0.11.6)
  ruby-prof
  savon (= 0.9.1)
  shoulda (~> 2.11.3)
  spork (>= 0.9.0.rc4)
  sqlite3-ruby (~> 1.3.2)
  unicorn (= 3.6.0)
  uuidtools (~> 2.1.2)
